GEM
  remote: https://rubygems.org/
  specs:
    activesupport (6.1.4.1)
      concurrent-ruby (~> 1.0, >= 1.0.2)
      i18n (>= 1.6, < 2)
      minitest (>= 5.1)
      tzinfo (~> 2.0)
      zeitwerk (~> 2.3)
    coderay (1.1.3)
    concurrent-ruby (1.1.9)
    i18n (1.8.11)
      concurrent-ruby (~> 1.0)
    minitest (5.14.4)
    mustermann (1.1.1)
      ruby2_keywords (~> 0.0.1)
    optimist (3.0.1)
    rack (2.2.9)
    rack-protection (2.0.8.1)
      rack
    redcarpet (3.5.1)
    ruby2_keywords (0.0.5)
    sinatra (2.0.8.1)
      mustermann (~> 1.0)
      rack (~> 2.0)
      rack-protection (= 2.0.8.1)
      tilt (~> 2.0)
    tilt (2.0.10)
    tzinfo (2.0.4)
      concurrent-ruby (~> 1.0)
    weaver (0.8.10)
      activesupport
      optimist
      sinatra (~> 2.0.3)
    zeitwerk (2.5.1)

PLATFORMS
  ruby

DEPENDENCIES
  coderay
  redcarpet
  weaver (~> 0.8.10)

BUNDLED WITH
   2.1.2
